GIT
  remote: https://github.com/floriandejonckheere/hcloud-ruby.git
  revision: f4f8ff3e75b3234510bfd7d011b358b9a99419d3
  specs:
    hcloud (1.0.2)
      activemodel
      activesupport
      oj
      typhoeus

PATH
  remote: .
  specs:
    kozo (0.1.0)
      activemodel (~> 6.0)
      activesupport (~> 6.0)
      dinja (~> 2.0)
      dotenv (~> 2.7)
      zeitwerk (~> 2.4)

GEM
  remote: https://rubygems.org/
  specs:
    activemodel (6.1.4)
      activesupport (= 6.1.4)
    activesupport (6.1.4)
      concurrent-ruby (~> 1.0, >= 1.0.2)
      i18n (>= 1.6, < 2)
      minitest (>= 5.1)
      tzinfo (~> 2.0)
      zeitwerk (~> 2.3)
    addressable (2.8.0)
      public_suffix (>= 2.0.2, < 5.0)
    ast (2.4.2)
    attr_extras (6.2.4)
    byebug (11.1.3)
    childprocess (4.1.0)
    climate_control (1.0.1)
    coderay (1.1.3)
    concurrent-ruby (1.1.9)
    crack (0.4.5)
      rexml
    diff-lcs (1.4.4)
    dinja (2.0.0)
      zeitwerk
    docile (1.4.0)
    dotenv (2.7.6)
    ethon (0.14.0)
      ffi (>= 1.15.0)
    factory_bot (6.2.0)
      activesupport (>= 5.0.0)
    fakefs (1.3.2)
    ffaker (2.18.0)
    ffi (1.15.3)
    hashdiff (1.0.1)
    i18n (1.8.10)
      concurrent-ruby (~> 1.0)
    iniparse (1.5.0)
    method_source (1.0.0)
    minitest (5.14.4)
    oj (3.11.7)
    optimist (3.0.1)
    overcommit (0.58.0)
      childprocess (>= 0.6.3, < 5)
      iniparse (~> 1.4)
      rexml (~> 3.2)
    parallel (1.20.1)
    parser (3.0.1.1)
      ast (~> 2.4.1)
    patience_diff (1.2.0)
      optimist (~> 3.0)
    pry (0.13.1)
      coderay (~> 1.1)
      method_source (~> 1.0)
    pry-byebug (3.9.0)
      byebug (~> 11.0)
      pry (~> 0.13.0)
    public_suffix (4.0.6)
    rainbow (3.0.0)
    rake (13.0.3)
    regexp_parser (2.1.1)
    rexml (3.2.5)
    rspec (3.10.0)
      rspec-core (~> 3.10.0)
      rspec-expectations (~> 3.10.0)
      rspec-mocks (~> 3.10.0)
    rspec-core (3.10.1)
      rspec-support (~> 3.10.0)
    rspec-expectations (3.10.1)
      diff-lcs (>= 1.2.0, < 2.0)
      rspec-support (~> 3.10.0)
    rspec-mocks (3.10.2)
      diff-lcs (>= 1.2.0, < 2.0)
      rspec-support (~> 3.10.0)
    rspec-support (3.10.2)
    rubocop (1.18.1)
      parallel (~> 1.10)
      parser (>= 3.0.0.0)
      rainbow (>= 2.2.2, < 4.0)
      regexp_parser (>= 1.8, < 3.0)
      rexml
      rubocop-ast (>= 1.7.0, < 2.0)
      ruby-progressbar (~> 1.7)
      unicode-display_width (>= 1.4.0, < 3.0)
    rubocop-ast (1.7.0)
      parser (>= 3.0.1.1)
    rubocop-performance (1.11.3)
      rubocop (>= 1.7.0, < 2.0)
      rubocop-ast (>= 0.4.0)
    rubocop-rake (0.6.0)
      rubocop (~> 1.0)
    rubocop-rspec (2.4.0)
      rubocop (~> 1.0)
      rubocop-ast (>= 1.1.0)
    ruby-progressbar (1.11.0)
    shoulda-matchers (4.5.1)
      activesupport (>= 4.2.0)
    simplecov (0.21.2)
      docile (~> 1.1)
      simplecov-html (~> 0.11)
      simplecov_json_formatter (~> 0.1)
    simplecov-html (0.12.3)
    simplecov_json_formatter (0.1.3)
    super_diff (0.8.0)
      attr_extras (>= 6.2.4)
      diff-lcs
      patience_diff
    timecop (0.9.4)
    typhoeus (1.4.0)
      ethon (>= 0.9.0)
    tzinfo (2.0.4)
      concurrent-ruby (~> 1.0)
    unicode-display_width (2.0.0)
    webmock (3.13.0)
      addressable (>= 2.3.6)
      crack (>= 0.3.2)
      hashdiff (>= 0.4.0, < 2.0.0)
    zeitwerk (2.4.2)

PLATFORMS
  ruby

DEPENDENCIES
  climate_control
  factory_bot
  fakefs
  ffaker
  hcloud!
  kozo!
  overcommit
  pry-byebug
  rake
  rspec (~> 3.10)
  rubocop
  rubocop-performance
  rubocop-rake
  rubocop-rspec
  shoulda-matchers
  simplecov
  super_diff
  timecop
  webmock

RUBY VERSION
   ruby 3.0.0p0

BUNDLED WITH
   2.2.21
